GEM
  remote: http://rubygems.org/
  specs:
    activemodel (3.1.0)
      activesupport (= 3.1.0)
      bcrypt-ruby (~> 3.0.0)
      builder (~> 3.0.0)
      i18n (~> 0.6)
    activesupport (3.1.0)
      multi_json (~> 1.0)
    addressable (2.2.6)
    bcrypt-ruby (3.0.1)
    bson (1.4.0)
    bson_ext (1.4.0)
    builder (3.0.0)
    data_objects (0.10.6)
      addressable (~> 2.1)
    datamapper (1.2.0.rc2)
      dm-aggregates (= 1.2.0.rc2)
      dm-constraints (= 1.2.0.rc2)
      dm-core (= 1.2.0.rc2)
      dm-migrations (= 1.2.0.rc2)
      dm-serializer (= 1.2.0.rc2)
      dm-timestamps (= 1.2.0.rc2)
      dm-transactions (= 1.2.0.rc2)
      dm-types (= 1.2.0.rc2)
      dm-validations (= 1.2.0.rc2)
    dm-aggregates (1.2.0.rc2)
      dm-core (~> 1.2.0.rc2)
    dm-constraints (1.2.0.rc2)
      dm-core (~> 1.2.0.rc2)
    dm-core (1.2.0.rc2)
      addressable (~> 2.2.6)
    dm-do-adapter (1.2.0.rc2)
      data_objects (~> 0.10.6)
      dm-core (~> 1.2.0.rc2)
    dm-migrations (1.2.0.rc2)
      dm-core (~> 1.2.0.rc2)
    dm-mysql-adapter (1.2.0.rc2)
      dm-do-adapter (~> 1.2.0.rc2)
      do_mysql (~> 0.10.6)
    dm-serializer (1.2.0.rc2)
      dm-core (~> 1.2.0.rc2)
      fastercsv (~> 1.5.4)
      json (~> 1.5.4)
      json_pure (~> 1.5.4)
      multi_json (~> 1.0.3)
    dm-timestamps (1.2.0.rc2)
      dm-core (~> 1.2.0.rc2)
    dm-transactions (1.2.0.rc2)
      dm-core (~> 1.2.0.rc2)
    dm-types (1.2.0.rc2)
      bcrypt-ruby (~> 3.0.0)
      dm-core (~> 1.2.0.rc2)
      fastercsv (~> 1.5.4)
      json (~> 1.5.4)
      multi_json (~> 1.0.3)
      stringex (~> 1.3.0)
      uuidtools (~> 2.1.2)
    dm-validations (1.2.0.rc2)
      dm-core (~> 1.2.0.rc2)
    do_mysql (0.10.6)
      data_objects (= 0.10.6)
    fastercsv (1.5.4)
    i18n (0.6.0)
    json (1.5.4)
    json_pure (1.5.4)
      spruz (~> 0.2.8)
    mongo (1.4.0)
      bson (= 1.4.0)
    mongoid (2.2.2)
      activemodel (~> 3.0)
      mongo (~> 1.3)
      tzinfo (~> 0.3.22)
    multi_json (1.0.3)
    nokogiri (1.5.0)
    spruz (0.2.13)
    stringex (1.3.0)
    tzinfo (0.3.30)
    uuidtools (2.1.2)

PLATFORMS
  ruby

DEPENDENCIES
  bson_ext
  datamapper (~> 1.2.0.rc2)
  dm-mysql-adapter (~> 1.2.0.rc2)
  mongoid
  nokogiri
